GEM
  remote: http://rubygems.org/
  specs:
    kgio (2.8.0)
    nokogiri (1.5.0)
    rack (1.4.1)
    raindrops (0.10.0)
    rake (0.9.2.2)
    unicorn (4.6.0)
      kgio (~> 2.6)
      rack
      raindrops (~> 0.7)

PLATFORMS
  ruby

DEPENDENCIES
  nokogiri (= 1.5.0)
  rack (= 1.4.1)
  rake (= 0.9.2.2)
  unicorn
